GEM
  remote: https://rubygems.org/
  specs:
    minitest (5.9.1)
    rake (11.3.0)

PLATFORMS
  ruby

DEPENDENCIES
  minitest (~> 5.9)
  pry-byebug (~> 3.4)
  rake (~> 11.3)

BUNDLED WITH
   1.13.7
